GEM
  remote: https://rubygems.org/
  specs:
    ansi (1.5.0)
    builder (3.3.0)
    minitest (5.25.5)
    minitest-reporters (1.7.1)
      ansi
      builder
      minitest (>= 5.0)
      ruby-progressbar
    ruby-progressbar (1.13.0)
    stamp (0.6.0)

PLATFORMS
  x86_64-darwin-22

DEPENDENCIES
  minitest (~> 5.10)
  minitest-reporters (~> 1.1)
  stamp (~> 0.6)

RUBY VERSION
   ruby 3.1.0p0

BUNDLED WITH
   2.3.3
